GEM
  remote: http://rubygems.org/
  specs:
    flexmock (0.9.0)
    git (1.2.5)
    jeweler (1.6.4)
      bundler (~> 1.0)
      git (>= 1.2.5)
      rake
    rake (0.9.2.2)
    test-spec (0.10.0)
    test-unit (2.4.4)
    timecode (1.1.2)

PLATFORMS
  ruby

DEPENDENCIES
  flexmock (~> 0.8)
  jeweler
  rake
  test-spec
  test-unit
  timecode
